GIT
  remote: git@github.com:ashmckenzie/nesta.git
  revision: 16a4070bf10a84a99f758324cc2bc823831bc73c
  specs:
    nesta (0.9.13)
      RedCloth (~> 4.2)
      haml (~> 3.1)
      rack (~> 1.3)
      rdiscount (~> 1.6)
      sass (~> 3.1)
      shotgun (>= 0.8)
      sinatra (~> 1.3)

GIT
  remote: https://ashmckenzie@github.com/ashmckenzie/stethoscope.git
  revision: 197e1446c0d55ebadf43bfb207c10bf01e98e222
  specs:
    stethoscope (0.2.0)
      dictionary (>= 1.0)
      rack (> 1.0)
      tilt (>= 1.0)

PATH
  remote: ./nesta-plugin-page
  specs:
    nesta-plugin-page (0.0.1)
      nesta (>= 0.9.11)

PATH
  remote: ./nesta-plugin-pagination
  specs:
    nesta-plugin-pagination (0.0.1)
      nesta (>= 0.9.11)

PATH
  remote: ./nesta-plugin-redirect
  specs:
    nesta-plugin-redirect (0.0.1)
      nesta (>= 0.9.11)

PATH
  remote: ./nesta-plugin-search
  specs:
    nesta-plugin-search (0.0.1)
      nesta (>= 0.9.11)

GEM
  remote: http://rubygems.org/
  specs:
    RedCloth (4.2.9)
    actionpack (3.2.8)
      activemodel (= 3.2.8)
      activesupport (= 3.2.8)
      builder (~> 3.0.0)
      erubis (~> 2.7.0)
      journey (~> 1.0.4)
      rack (~> 1.4.0)
      rack-cache (~> 1.2)
      rack-test (~> 0.6.1)
      sprockets (~> 2.1.3)
    activemodel (3.2.8)
      activesupport (= 3.2.8)
      builder (~> 3.0.0)
    activesupport (3.2.8)
      i18n (~> 0.6)
      multi_json (~> 1.0)
    awesome_print (1.0.2)
    binding_of_caller (0.6.8)
    builder (3.0.4)
    capistrano (2.13.5)
      highline
      net-scp (>= 1.0.0)
      net-sftp (>= 2.0.0)
      net-ssh (>= 2.0.14)
      net-ssh-gateway (>= 1.1.0)
    capistrano_colors (0.5.5)
    coderay (1.0.8)
    columnize (0.3.6)
    coolline (0.3.0)
    daemons (1.1.9)
    debugger (1.1.4)
      columnize (>= 0.3.1)
      debugger-linecache (~> 1.1.1)
      debugger-ruby_core_source (~> 1.1.3)
    debugger-linecache (1.1.2)
      debugger-ruby_core_source (>= 1.1.1)
    debugger-ruby_core_source (1.1.4)
    dictionary (1.0.0)
    diff-lcs (1.1.3)
    diffy (2.0.10)
    erubis (2.7.0)
    eventmachine (1.0.0)
    ferret (0.11.8.4)
      rake
    grit (2.5.0)
      diff-lcs (~> 1.1)
      mime-types (~> 1.15)
      posix-spawn (~> 0.3.6)
    haml (3.1.7)
    hashie (1.2.0)
    highline (1.6.15)
    hike (1.2.1)
    hirb (0.6.2)
    i18n (0.6.1)
    jazz_hands (0.3.1)
      awesome_print (~> 1.0.2)
      coderay (~> 1.0.6)
      coolline (>= 0.1.0)
      hirb (~> 0.6.2)
      pry (~> 0.9.9)
      pry-debugger (~> 0.2.0)
      pry-doc (~> 0.4.2)
      pry-git (~> 0.2.3)
      pry-remote (>= 0.1.4)
      pry-stack_explorer (~> 0.4.2)
      railties (~> 3.0)
    journey (1.0.4)
    json (1.7.5)
    mail (2.4.4)
      i18n (>= 0.4.0)
      mime-types (~> 1.16)
      treetop (~> 1.4.8)
    method_source (0.8.1)
    mime-types (1.19)
    multi_json (1.3.6)
    nesta-plugin-foldable (0.0.4)
      nesta (>= 0.9.13)
    net-scp (1.0.4)
      net-ssh (>= 1.99.1)
    net-sftp (2.0.5)
      net-ssh (>= 2.0.9)
    net-ssh (2.6.1)
    net-ssh-gateway (1.1.0)
      net-ssh (>= 1.99.1)
    polyglot (0.3.3)
    posix-spawn (0.3.6)
    pry (0.9.10)
      coderay (~> 1.0.5)
      method_source (~> 0.8)
      slop (~> 3.3.1)
    pry-debugger (0.2.0)
      debugger (~> 1.1.3)
      pry (~> 0.9.9)
    pry-doc (0.4.4)
      pry (>= 0.9.9.6)
      yard (~> 0.8.1)
    pry-git (0.2.3)
      diffy
      grit
      pry (>= 0.9.8)
    pry-remote (0.1.6)
      pry (~> 0.9)
      slop (~> 3.0)
    pry-stack_explorer (0.4.7)
      binding_of_caller (~> 0.6.8)
    rack (1.4.1)
    rack-cache (1.2)
      rack (>= 0.4)
    rack-protection (1.2.0)
      rack
    rack-rewrite (1.2.1)
    rack-ssl (1.3.2)
      rack
    rack-test (0.6.2)
      rack (>= 1.0)
    railties (3.2.8)
      actionpack (= 3.2.8)
      activesupport (= 3.2.8)
      rack-ssl (~> 1.3.2)
      rake (>= 0.8.7)
      rdoc (~> 3.4)
      thor (>= 0.14.6, < 2.0)
    rake (0.9.2.2)
    rdiscount (1.6.8)
    rdoc (3.12)
      json (~> 1.4)
    sass (3.2.1)
    shotgun (0.9)
      rack (>= 1.0)
    sinatra (1.3.3)
      rack (~> 1.3, >= 1.3.6)
      rack-protection (~> 1.2)
      tilt (~> 1.3, >= 1.3.3)
    slop (3.3.3)
    sprockets (2.1.3)
      hike (~> 1.2)
      rack (~> 1.0)
      tilt (~> 1.1, != 1.3.0)
    thin (1.5.0)
      daemons (>= 1.0.9)
      eventmachine (>= 0.12.6)
      rack (>= 1.0.0)
    thor (0.16.0)
    tilt (1.3.3)
    toadhopper (2.1)
    toadhopper-sinatra (2.1)
      sinatra
      toadhopper (~> 2.0)
    treetop (1.4.11)
      polyglot
      polyglot (>= 0.3.1)
    will_paginate (3.0.3)
    yard (0.8.3)

PLATFORMS
  ruby

DEPENDENCIES
  actionpack (~> 3.2.8)
  activesupport (~> 3.2.8)
  capistrano
  capistrano_colors
  coderay
  ferret
  hashie
  jazz_hands
  mail
  nesta!
  nesta-plugin-foldable
  nesta-plugin-page!
  nesta-plugin-pagination!
  nesta-plugin-redirect!
  nesta-plugin-search!
  rack-rewrite (~> 1.2.1)
  rake
  shotgun
  stethoscope!
  thin
  toadhopper-sinatra
  will_paginate (~> 3.0)
