GIT
  remote: https://ashmckenzie@github.com/ashmckenzie/nesta.git
  revision: c58158a9e2bae880b3c6019a7e21e7b3b6e26fe8
  specs:
    nesta (0.9.13)
      RedCloth (~> 4.2)
      haml (~> 3.1)
      rack (~> 1.3)
      rdiscount (~> 1.6)
      sass (~> 3.1)
      shotgun (>= 0.8)
      sinatra (~> 1.3)

GIT
  remote: https://ashmckenzie@github.com/ashmckenzie/stethoscope.git
  revision: 197e1446c0d55ebadf43bfb207c10bf01e98e222
  specs:
    stethoscope (0.2.0)
      dictionary (>= 1.0)
      rack (> 1.0)
      tilt (>= 1.0)

PATH
  remote: ./nesta-plugin-page
  specs:
    nesta-plugin-page (0.0.1)
      nesta (>= 0.9.11)

PATH
  remote: ./nesta-plugin-pagination
  specs:
    nesta-plugin-pagination (0.0.1)
      nesta (>= 0.9.11)

PATH
  remote: ./nesta-plugin-redirect
  specs:
    nesta-plugin-redirect (0.0.1)
      nesta (>= 0.9.11)

GEM
  remote: http://rubygems.org/
  specs:
    RedCloth (4.2.9)
    activesupport (3.2.8)
      i18n (~> 0.6)
      multi_json (~> 1.0)
    awesome_print (1.1.0)
    capistrano (2.13.4)
      highline
      net-scp (>= 1.0.0)
      net-sftp (>= 2.0.0)
      net-ssh (>= 2.0.14)
      net-ssh-gateway (>= 1.1.0)
    capistrano_colors (0.5.5)
    coderay (1.0.7)
    daemons (1.1.9)
    dictionary (1.0.0)
    eventmachine (1.0.0)
    haml (3.1.7)
    hashie (1.2.0)
    highline (1.6.15)
    i18n (0.6.1)
    jruby-pageant (1.1.1)
    mail (2.4.4)
      i18n (>= 0.4.0)
      mime-types (~> 1.16)
      treetop (~> 1.4.8)
    method_source (0.8)
    mime-types (1.19)
    multi_json (1.3.6)
    nesta-plugin-foldable (0.0.4)
      nesta (>= 0.9.13)
    net-scp (1.0.4)
      net-ssh (>= 1.99.1)
    net-sftp (2.0.5)
      net-ssh (>= 2.0.9)
    net-ssh (2.6.0)
      jruby-pageant (>= 1.1.1)
    net-ssh-gateway (1.1.0)
      net-ssh (>= 1.99.1)
    polyglot (0.3.3)
    pry (0.9.10)
      coderay (~> 1.0.5)
      method_source (~> 0.8)
      slop (~> 3.3.1)
    pry-nav (0.2.2)
      pry (~> 0.9.10)
    rack (1.4.1)
    rack-protection (1.2.0)
      rack
    rack-rewrite (1.2.1)
    rake (0.9.2.2)
    rdiscount (1.6.8)
    sass (3.2.1)
    shotgun (0.9)
      rack (>= 1.0)
    sinatra (1.3.3)
      rack (~> 1.3, >= 1.3.6)
      rack-protection (~> 1.2)
      tilt (~> 1.3, >= 1.3.3)
    slop (3.3.3)
    thin (1.5.0)
      daemons (>= 1.0.9)
      eventmachine (>= 0.12.6)
      rack (>= 1.0.0)
    tilt (1.3.3)
    toadhopper (2.1)
    toadhopper-sinatra (2.1)
      sinatra
      toadhopper (~> 2.0)
    treetop (1.4.10)
      polyglot
      polyglot (>= 0.3.1)
    will_paginate (3.0.3)

PLATFORMS
  ruby

DEPENDENCIES
  activesupport (~> 3.2.3)
  awesome_print
  capistrano
  capistrano_colors
  coderay
  hashie
  mail
  nesta!
  nesta-plugin-foldable
  nesta-plugin-page!
  nesta-plugin-pagination!
  nesta-plugin-redirect!
  pry
  pry-nav
  rack-rewrite (~> 1.2.1)
  rake
  shotgun
  stethoscope!
  thin
  toadhopper-sinatra
  will_paginate (~> 3.0)
